{
	"EEGChannelCount":128,
	"EEGReference":"REF",
	"InstitutionAddress":"Arnold-Heller Straße 3, 24105 kiel, Germany",
	"InstitutionName":"University Hospital Schleswig-Holstein, Kiel Campus",
	"InstitutionalDepartmentName":"Department of Neurology",
	"PowerLineFrequency":50,
	"RecordingDuration":452.0100936669125,
	"SamplingFrequency":1000,
	"SoftwareFilters":"n/a",
	"TaskDescription":"Subjects are supposed to press the spacebar as fast as possible as soon as a counter starts. When the spacebar was pressed, the counter is stopped and shows the reaction time in miliseconds",
	"TaskName":"pvt"
}
